NUGET
  remote: https://api.nuget.org/v3/index.json
    Fleece.NewtonsoftJson (0.6)
      FSharp.Core (>= 4.3.4) - restriction: || (>= net461) (>= netstandard2.0)
      FSharpPlus (>= 1.0) - restriction: || (>= net461) (>= netstandard2.0)
      newtonsoft.json (>= 10.0.2) - restriction: || (>= net461) (>= netstandard2.0)
      System.ValueTuple (>= 4.3.1) - restriction: >= net461
    FSharp.Core (4.7.1)
    FSharpPlus (1.0) - restriction: || (>= net461) (>= netstandard2.0)
      FSharp.Core (>= 4.3.4) - restriction: || (>= net45) (>= netstandard2.0)
    newtonsoft.json (12.0.3) - restriction: || (>= net461) (>= netstandard2.0)
    System.ValueTuple (4.5) - restriction: >= net461
